GEM
  remote: https://rubygems.org/
  specs:
    aws-eventstream (1.0.3)
    aws-partitions (1.273.0)
    aws-sdk-autoscaling (1.30.0)
      aws-sdk-core (~> 3, >= 3.71.0)
      aws-sigv4 (~> 1.1)
    aws-sdk-cloudwatch (1.32.0)
      aws-sdk-core (~> 3, >= 3.71.0)
      aws-sigv4 (~> 1.1)
    aws-sdk-core (3.90.0)
      aws-eventstream (~> 1.0, >= 1.0.2)
      aws-partitions (~> 1, >= 1.239.0)
      aws-sigv4 (~> 1.1)
      jmespath (~> 1.0)
    aws-sdk-dynamodb (1.42.0)
      aws-sdk-core (~> 3, >= 3.71.0)
      aws-sigv4 (~> 1.1)
    aws-sdk-ec2 (1.142.0)
      aws-sdk-core (~> 3, >= 3.71.0)
      aws-sigv4 (~> 1.1)
    aws-sdk-efs (1.24.0)
      aws-sdk-core (~> 3, >= 3.71.0)
      aws-sigv4 (~> 1.1)
    aws-sdk-elasticache (1.29.0)
      aws-sdk-core (~> 3, >= 3.71.0)
      aws-sigv4 (~> 1.1)
    aws-sdk-elasticloadbalancing (1.19.0)
      aws-sdk-core (~> 3, >= 3.71.0)
      aws-sigv4 (~> 1.1)
    aws-sdk-elasticloadbalancingv2 (1.39.0)
      aws-sdk-core (~> 3, >= 3.71.0)
      aws-sigv4 (~> 1.1)
    aws-sdk-iam (1.33.0)
      aws-sdk-core (~> 3, >= 3.71.0)
      aws-sigv4 (~> 1.1)
    aws-sdk-kms (1.29.0)
      aws-sdk-core (~> 3, >= 3.71.0)
      aws-sigv4 (~> 1.1)
    aws-sdk-rds (1.77.0)
      aws-sdk-core (~> 3, >= 3.71.0)
      aws-sigv4 (~> 1.1)
    aws-sdk-redshift (1.36.0)
      aws-sdk-core (~> 3, >= 3.71.0)
      aws-sigv4 (~> 1.1)
    aws-sdk-route53 (1.30.0)
      aws-sdk-core (~> 3, >= 3.71.0)
      aws-sigv4 (~> 1.1)
    aws-sdk-s3 (1.60.2)
      aws-sdk-core (~> 3, >= 3.83.0)
      aws-sdk-kms (~> 1)
      aws-sigv4 (~> 1.1)
    aws-sdk-sns (1.21.0)
      aws-sdk-core (~> 3, >= 3.71.0)
      aws-sigv4 (~> 1.1)
    aws-sdk-sqs (1.23.1)
      aws-sdk-core (~> 3, >= 3.71.0)
      aws-sigv4 (~> 1.1)
    aws-sigv4 (1.1.0)
      aws-eventstream (~> 1.0, >= 1.0.2)
    jmespath (1.6.1)
    multi_json (1.12.2)
    terraforming (0.18.0)
      aws-sdk-autoscaling (~> 1)
      aws-sdk-cloudwatch (~> 1)
      aws-sdk-dynamodb (~> 1.18)
      aws-sdk-ec2 (~> 1)
      aws-sdk-efs (~> 1, >= 1.13.0)
      aws-sdk-elasticache (~> 1)
      aws-sdk-elasticloadbalancing (~> 1)
      aws-sdk-elasticloadbalancingv2 (~> 1)
      aws-sdk-iam (~> 1)
      aws-sdk-kms (~> 1)
      aws-sdk-rds (~> 1)
      aws-sdk-redshift (~> 1)
      aws-sdk-route53 (~> 1)
      aws-sdk-s3 (~> 1)
      aws-sdk-sns (~> 1)
      aws-sdk-sqs (~> 1)
      multi_json (~> 1.12.1)
      thor
    thor (1.0.1)

PLATFORMS
  ruby

DEPENDENCIES
  terraforming

BUNDLED WITH
   1.17.2
